GEM
  remote: https://rubygems.org/
  specs:
    coderay (1.1.1)
    httparty (0.16.4)
      mime-types (~> 3.0)
      multi_xml (>= 0.5.2)
    method_source (0.8.2)
    mime-types (3.2.2)
      mime-types-data (~> 3.2015)
    mime-types-data (3.2018.0812)
    multi_xml (0.6.0)
    pry (0.10.4)
      coderay (~> 1.1.0)
      method_source (~> 0.8.1)
      slop (~> 3.4)
    rack (2.0.1)
    rack-app (5.6.0)
      rack
    slop (3.6.0)

PLATFORMS
  ruby

DEPENDENCIES
  httparty
  pry
  rack-app

RUBY VERSION
   ruby 2.6.2p47

BUNDLED WITH
   1.17.2
